GEM
  remote: https://rubygems.org/
  specs:
    coderay (1.1.2)
    diff-lcs (1.3)
    method_source (0.9.0)
    mini_portile2 (2.4.0)
    nio4r (2.5.2)
    nokogiri (1.10.9)
      mini_portile2 (~> 2.4.0)
    pg (1.2.3)
    pry (0.11.1)
      coderay (~> 1.1.0)
      method_source (~> 0.9.0)
    puma (4.3.3)
      nio4r (~> 2.0)
    rack (2.2.2)
    rack-app (7.6.1)
      rack
    rack-app-front_end (0.22.0)
      rack-app (>= 6.3.1)
      tilt
    rake (13.0.1)
    rspec (3.9.0)
      rspec-core (~> 3.9.0)
      rspec-expectations (~> 3.9.0)
      rspec-mocks (~> 3.9.0)
    rspec-core (3.9.1)
      rspec-support (~> 3.9.1)
    rspec-expectations (3.9.1)
      diff-lcs (>= 1.2.0, < 2.0)
      rspec-support (~> 3.9.0)
    rspec-mocks (3.9.1)
      diff-lcs (>= 1.2.0, < 2.0)
      rspec-support (~> 3.9.0)
    rspec-support (3.9.2)
    tilt (2.0.10)

PLATFORMS
  ruby

DEPENDENCIES
  nokogiri
  pg
  pry
  puma
  rack-app
  rack-app-front_end
  rake
  rspec

BUNDLED WITH
   2.1.2
